GIT
  remote: https://github.com/github/markup.git
  revision: 090eea9ea860d9d54578ac11c7aea544f595ddc0
  specs:
    github-markup (1.3.0)
      posix-spawn (~> 0.3.8)

GEM
  remote: https://rubygems.org/
  specs:
    bcrypt (3.1.9)
    diff-lcs (1.2.5)
    eventmachine (1.0.3)
    faye-websocket (0.7.5)
      eventmachine (>= 0.12.0)
      websocket-driver (>= 0.3.5)
    github-markdown (0.6.7)
    kgio (2.9.2)
    pg (0.17.1)
    posix-spawn (0.3.9)
    rack (1.5.2)
    rack-protection (1.5.3)
      rack
    rack-test (0.6.2)
      rack (>= 1.0)
    raindrops (0.13.0)
    rspec (3.1.0)
      rspec-core (~> 3.1.0)
      rspec-expectations (~> 3.1.0)
      rspec-mocks (~> 3.1.0)
    rspec-core (3.1.7)
      rspec-support (~> 3.1.0)
    rspec-expectations (3.1.2)
      diff-lcs (>= 1.2.0, < 2.0)
      rspec-support (~> 3.1.0)
    rspec-mocks (3.1.3)
      rspec-support (~> 3.1.0)
    rspec-support (3.1.2)
    sequel (4.15.0)
    shotgun (0.9)
      rack (>= 1.0)
    sinatra (1.4.5)
      rack (~> 1.4)
      rack-protection (~> 1.4)
      tilt (~> 1.3, >= 1.3.4)
    tilt (1.4.1)
    unicorn (4.8.3)
      kgio (~> 2.6)
      rack
      raindrops (~> 0.7)
    websocket-driver (0.3.5)

PLATFORMS
  ruby

DEPENDENCIES
  bcrypt
  eventmachine
  faye-websocket
  github-markdown
  github-markup!
  pg
  rack-test
  rspec
  sequel
  shotgun
  sinatra
  unicorn
